GEM
  remote: https://rubygems.org/
  specs:
    backports (2.6.4)
    bcrypt-ruby (3.0.1)
    couchrest (1.1.3)
      mime-types (~> 1.15)
      multi_json (~> 1.0)
      rest-client (~> 1.6.1)
    eventmachine (0.12.10)
    foreman (0.57.0)
      thor (>= 0.13.6)
    haml (3.1.7)
    highline (1.6.14)
    kgio (2.7.4)
    mime-types (1.19)
    multi_json (1.3.6)
    rack (1.4.1)
    rack-flash3 (1.0.1)
      rack
      rack
    rack-protection (1.2.0)
      rack
    rack-test (0.6.1)
      rack (>= 1.0)
    raindrops (0.10.0)
    rest-client (1.6.7)
      mime-types (>= 1.16)
    sass (3.2.1)
    shotgun (0.9)
      rack (>= 1.0)
    sinatra (1.3.3)
      rack (~> 1.3, >= 1.3.6)
      rack-protection (~> 1.2)
      tilt (~> 1.3, >= 1.3.3)
    sinatra-contrib (1.3.1)
      backports (>= 2.0)
      eventmachine
      rack-protection
      rack-test
      sinatra (~> 1.3.0)
      tilt (~> 1.3)
    thor (0.16.0)
    tilt (1.3.3)
    unicorn (4.3.1)
      kgio (~> 2.6)
      rack
      raindrops (~> 0.7)

PLATFORMS
  ruby

DEPENDENCIES
  bcrypt-ruby
  couchrest
  foreman
  haml
  highline
  rack-flash3
  sass
  shotgun
  sinatra
  sinatra-contrib
  unicorn
